PATH
  remote: .
  specs:
    autocomplete-me (1.0.0)
      hiredis (~> 0.5)
      rack (~> 1.5)
      rack-cors (~> 0.2)
      redis (~> 3.1)
      thor (~> 0.19)

GEM
  remote: https://rubygems.org/
  specs:
    coveralls (0.7.11)
      multi_json (~> 1.10)
      rest-client (>= 1.6.8, < 2)
      simplecov (~> 0.9.1)
      term-ansicolor (~> 1.3)
      thor (~> 0.19.1)
    diff-lcs (1.2.5)
    docile (1.1.5)
    dotenv (2.0.0)
    hiredis (0.6.0)
    mime-types (2.4.3)
    mock_redis (0.14.0)
    multi_json (1.11.0)
    netrc (0.10.3)
    rack (1.6.0)
    rack-cors (0.3.1)
    rack-test (0.6.3)
      rack (>= 1.0)
    redis (3.2.1)
    rest-client (1.7.3)
      mime-types (>= 1.16, < 3.0)
      netrc (~> 0.7)
    rr (1.1.2)
    rspec (3.2.0)
      rspec-core (~> 3.2.0)
      rspec-expectations (~> 3.2.0)
      rspec-mocks (~> 3.2.0)
    rspec-core (3.2.1)
      rspec-support (~> 3.2.0)
    rspec-expectations (3.2.0)
      diff-lcs (>= 1.2.0, < 2.0)
      rspec-support (~> 3.2.0)
    rspec-its (1.2.0)
      rspec-core (>= 3.0.0)
      rspec-expectations (>= 3.0.0)
    rspec-mocks (3.2.1)
      diff-lcs (>= 1.2.0, < 2.0)
      rspec-support (~> 3.2.0)
    rspec-support (3.2.2)
    rubyzip (1.1.7)
    simplecov (0.9.2)
      docile (~> 1.1.0)
      multi_json (~> 1.0)
      simplecov-html (~> 0.9.0)
    simplecov-html (0.9.0)
    term-ansicolor (1.3.0)
      tins (~> 1.0)
    thor (0.19.1)
    tins (1.3.5)

PLATFORMS
  ruby

DEPENDENCIES
  autocomplete-me!
  coveralls
  dotenv
  mock_redis
  rack-test
  rr
  rspec
  rspec-its
  rubyzip
  simplecov
  thor
